GEM
  remote: https://rubygems.org/
  specs:
    colorize (0.8.1)
    docopt (0.6.1)
    rugged (0.27.4)

PLATFORMS
  ruby

DEPENDENCIES
  colorize!
  docopt!
  rugged!

BUNDLED WITH
   1.16.1
